GIT
  remote: git://github.com/taka-oyama/alphanumeric_random.git
  revision: 58c531076b061e57183784d4a15642a1a2c5c222
  specs:
    alphanumeric_random (0.0.1)

GEM
  remote: https://rubygems.org/
  specs:
    activesupport (4.2.5)
      i18n (~> 0.7)
      json (~> 1.7, >= 1.7.7)
      minitest (~> 5.1)
      thread_safe (~> 0.3, >= 0.3.4)
      tzinfo (~> 1.1)
    global (0.1.2)
      activesupport (>= 2.0)
    i18n (0.7.0)
    json (1.8.3)
    minitest (5.8.3)
    redis (3.2.1)
    thread_safe (0.3.5)
    tzinfo (1.2.2)
      thread_safe (~> 0.1)
    vault (0.4.0)

PLATFORMS
  ruby

DEPENDENCIES
  alphanumeric_random!
  global
  redis (~> 3.2)
  vault (~> 0.1)

BUNDLED WITH
   1.11.2
